PATH
  remote: /home/makevoid/apps/bitnfc_desktop/deps/nfc
  specs:
    nfc (3.1.1)

GEM
  remote: http://rubygems.org/
  specs:

PLATFORMS
  ruby

DEPENDENCIES
  nfc!
